GEM
  remote: http://rubygems.org/
  specs:
    citrus (2.4.1)
    erubis (2.7.0)
    git (1.2.5)
    jeweler (1.6.4)
      bundler (~> 1.0)
      git (>= 1.2.5)
      rake
    quote_unquote (0.1.1)
    rake (0.9.2.2)

PLATFORMS
  java
  ruby

DEPENDENCIES
  bundler (~> 1.0.0)
  citrus (~> 2.4.1)
  erubis (~> 2.7.0)
  jeweler (~> 1.6.2)
  quote_unquote (~> 0.1.1)
