PATH
  remote: .
  specs:
    each_sql (0.4.1)
      citrus (~> 2.4.1)
      erubis (~> 2.7.0)
      quote_unquote (~> 0.1.1)

GEM
  remote: https://rubygems.org/
  specs:
    citrus (2.4.1)
    erubis (2.7.0)
    quote_unquote (0.1.1)
    rake (10.1.0)

PLATFORMS
  ruby

DEPENDENCIES
  bundler (~> 1.3)
  each_sql!
  rake
